GEM
  remote: https://rubygems.org/
  specs:
    rack (1.5.2)
    rack-rewrite (1.5.0)

PLATFORMS
  ruby

DEPENDENCIES
  rack
  rack-rewrite

RUBY VERSION
   ruby 2.4.6p354

BUNDLED WITH
   1.17.3
