GEM
  remote: https://rubygems.org/
  specs:
    rack (2.1.4)
    rack-rewrite (1.5.1)

PLATFORMS
  ruby

DEPENDENCIES
  rack
  rack-rewrite

RUBY VERSION
   ruby 2.4.6p354

BUNDLED WITH
   1.17.3
